GEM
  remote: https://rubygems.org/
  specs:
    backports (3.1.1)
    bcrypt-ruby (3.0.1)
    bson (1.8.4)
    bson_ext (1.8.4)
      bson (~> 1.8.4)
    daemons (1.1.9)
    erubis (2.7.0)
    eventmachine (1.0.3)
    improved-rack-throttle (0.9.0)
      rack (>= 1.0.0)
    mongo (1.8.4)
      bson (~> 1.8.4)
    rack (1.6.13)
    rack-protection (1.5.5)
      rack
    rack-test (0.6.2)
      rack (>= 1.0)
    sinatra (1.3.6)
      rack (~> 1.4)
      rack-protection (~> 1.3)
      tilt (~> 1.3, >= 1.3.3)
    sinatra-contrib (1.3.2)
      backports (>= 2.0)
      eventmachine
      rack-protection
      rack-test
      sinatra (~> 1.3.0)
      tilt (~> 1.3)
    sinatra-flash (0.3.0)
      sinatra (>= 1.0.0)
    sinatra-reloader (1.0)
      sinatra-contrib
    thin (1.5.1)
      daemons (>= 1.0.9)
      eventmachine (>= 0.12.6)
      rack (>= 1.0.0)
    tilt (1.3.6)

PLATFORMS
  ruby

DEPENDENCIES
  bcrypt-ruby
  bson_ext
  erubis
  improved-rack-throttle
  mongo
  rack-protection
  sinatra
  sinatra-flash
  sinatra-reloader
  thin
