GEM
  remote: https://rubygems.org/
  specs:
    bcrypt (3.1.18)
    bson (4.15.0)
    daemons (1.4.1)
    erubis (2.7.0)
    eventmachine (1.2.7)
    improved-rack-throttle (0.9.0)
      rack (>= 1.0.0)
    mongo (2.18.1)
      bson (>= 4.14.1, < 5.0.0)
    multi_json (1.15.0)
    mustermann (2.0.2)
      ruby2_keywords (~> 0.0.1)
    rack (2.2.6.3)
    rack-protection (2.2.3)
      rack
    ruby2_keywords (0.0.5)
    sinatra (2.2.3)
      mustermann (~> 2.0)
      rack (~> 2.2)
      rack-protection (= 2.2.3)
      tilt (~> 2.0)
    sinatra-contrib (2.2.3)
      multi_json
      mustermann (~> 2.0)
      rack-protection (= 2.2.3)
      sinatra (= 2.2.3)
      tilt (~> 2.0)
    sinatra-flash (0.3.0)
      sinatra (>= 1.0.0)
    sinatra-reloader (1.0)
      sinatra-contrib
    thin (1.8.1)
      daemons (~> 1.0, >= 1.0.9)
      eventmachine (~> 1.0, >= 1.0.4)
      rack (>= 1, < 3)
    tilt (2.0.11)

PLATFORMS
  universal-darwin-21
  x86_64-linux

DEPENDENCIES
  bcrypt
  erubis
  improved-rack-throttle
  mongo
  rack-protection
  sinatra
  sinatra-flash
  sinatra-reloader
  thin

BUNDLED WITH
   2.2.16
